PATH
  remote: .
  specs:
    trikle-mail (0.0.6)
      commander (~> 4.4)
      mail (~> 2)
      mandrill-api (~> 1)

GEM
  remote: https://rubygems.org/
  specs:
    byebug (11.0.1)
    commander (4.4.7)
      highline (~> 2.0.0)
    diff-lcs (1.3)
    excon (0.71.0)
    highline (2.0.2)
    json (1.8.6)
    mail (2.7.1)
      mini_mime (>= 0.1.1)
    mandrill-api (1.0.53)
      excon (>= 0.16.0, < 1.0)
      json (>= 1.7.7, < 2.0)
    mini_mime (1.0.2)
    rspec (3.8.0)
      rspec-core (~> 3.8.0)
      rspec-expectations (~> 3.8.0)
      rspec-mocks (~> 3.8.0)
    rspec-core (3.8.2)
      rspec-support (~> 3.8.0)
    rspec-expectations (3.8.4)
      diff-lcs (>= 1.2.0, < 2.0)
      rspec-support (~> 3.8.0)
    rspec-mocks (3.8.1)
      diff-lcs (>= 1.2.0, < 2.0)
      rspec-support (~> 3.8.0)
    rspec-support (3.8.2)

PLATFORMS
  ruby

DEPENDENCIES
  byebug
  mail (~> 2)
  rspec (~> 3)
  trikle-mail!

BUNDLED WITH
   1.17.2
