PATH
  remote: .
  specs:
    trikle-mail (0.0.0)
      commander (~> 4.4)
      mandrill-api (~> 1)

GEM
  remote: https://rubygems.org/
  specs:
    commander (4.4.3)
      highline (~> 1.7.2)
    excon (0.59.0)
    highline (1.7.8)
    json (1.8.6)
    mandrill-api (1.0.53)
      excon (>= 0.16.0, < 1.0)
      json (>= 1.7.7, < 2.0)

PLATFORMS
  ruby

DEPENDENCIES
  trikle-mail!

BUNDLED WITH
   1.14.6
